GEM
  remote: https://rubygems.org/
  specs:
    builder (3.2.2)
    contracts (0.2.4)
    excon (0.25.3)
    fog (1.14.0)
      builder
      excon (~> 0.25.0)
      formatador (~> 0.2.0)
      mime-types
      multi_json (~> 1.0)
      net-scp (~> 1.1)
      net-ssh (>= 2.1.3)
      nokogiri (~> 1.5)
      ruby-hmac
    formatador (0.2.4)
    mime-types (1.25)
    mini_portile2 (2.1.0)
    multi_json (1.8.1)
    net-scp (1.1.2)
      net-ssh (>= 2.6.5)
    net-ssh (2.7.0)
    nokogiri (1.6.8.1)
      mini_portile2 (~> 2.1.0)
    pg (0.14.1)
    ruby-hmac (0.4.0)
    sluice (0.1.5)
      contracts (~> 0.2.3)
      fog (~> 1.14.0)

PLATFORMS
  ruby

DEPENDENCIES
  pg (~> 0.14.1)
  sluice (~> 0.1.5)
